PATH
  remote: .
  specs:
    quovo-ruby (0.1.0)
      rake (~> 10.0)
      redis (~> 3.3, >= 3.3.1)
      rspec (~> 3.0)

GEM
  remote: https://rubygems.org/
  specs:
    awesome_print (1.8.0)
    byebug (10.0.2)
    diff-lcs (1.3)
    rake (10.5.0)
    redis (3.3.5)
    rspec (3.8.0)
      rspec-core (~> 3.8.0)
      rspec-expectations (~> 3.8.0)
      rspec-mocks (~> 3.8.0)
    rspec-core (3.8.0)
      rspec-support (~> 3.8.0)
    rspec-expectations (3.8.1)
      diff-lcs (>= 1.2.0, < 2.0)
      rspec-support (~> 3.8.0)
    rspec-mocks (3.8.0)
      diff-lcs (>= 1.2.0, < 2.0)
      rspec-support (~> 3.8.0)
    rspec-support (3.8.0)

PLATFORMS
  ruby

DEPENDENCIES
  awesome_print (= 1.8.0)
  bundler (~> 1.16)
  byebug (= 10.0.2)
  quovo-ruby!

BUNDLED WITH
   1.16.3
